GEM
  remote: http://rubygems.org/
  specs:
    highline (1.7.8)
    ruby-progressbar (1.8.1)

PLATFORMS
  ruby

DEPENDENCIES
  highline
  ruby-progressbar

BUNDLED WITH
   1.12.5
